GEM
  remote: https://rubygems.org/
  specs:
    mustermann (1.0.1)
    mysql2 (0.4.10)
    puma (3.11.0)
    rack (2.0.3)
    rack-protection (2.0.0)
      rack
    sinatra (2.0.0)
      mustermann (~> 1.0)
      rack (~> 2.0)
      rack-protection (= 2.0.0)
      tilt (~> 2.0)
    tilt (2.0.8)

PLATFORMS
  ruby

DEPENDENCIES
  mysql2
  puma
  sinatra

BUNDLED WITH
   1.15.4
